GEM
  remote: https://rubygems.org/
  specs:
    bcrypt (3.1.18)
    io-console (0.5.11)
    irb (1.4.1)
      reline (>= 0.3.0)
    multi_json (1.15.0)
    mustermann (2.0.2)
      ruby2_keywords (~> 0.0.1)
    mysql2 (0.5.4)
    mysql2-cs-bind (0.1.1)
      mysql2
    nio4r (2.5.8)
    puma (5.6.4)
      nio4r (~> 2.0)
    rack (2.2.4)
    rack-cors (1.1.1)
      rack (>= 2.0.0)
    rack-protection (2.2.2)
      rack
    reline (0.3.1)
      io-console (~> 0.5)
    ruby2_keywords (0.0.5)
    sinatra (2.2.2)
      mustermann (~> 2.0)
      rack (~> 2.2)
      rack-protection (= 2.2.2)
      tilt (~> 2.0)
    sinatra-contrib (2.2.2)
      multi_json
      mustermann (~> 2.0)
      rack-protection (= 2.2.2)
      sinatra (= 2.2.2)
      tilt (~> 2.0)
    tilt (2.0.11)

PLATFORMS
  ruby

DEPENDENCIES
  bcrypt
  irb
  mysql2
  mysql2-cs-bind
  puma
  rack-cors
  sinatra
  sinatra-contrib

BUNDLED WITH
   2.3.16
